PATH
  remote: .
  specs:
    tiny_factory (0.1.0)

GEM
  remote: https://rubygems.org/
  specs:
    minitest (5.15.0)
    rake (13.0.6)

PLATFORMS
  x86_64-darwin-20

DEPENDENCIES
  minitest (~> 5.0)
  rake (~> 13.0)
  tiny_factory!

BUNDLED WITH
   2.3.7
